GEM
  remote: https://rubygems.org/
  specs:
    rainbow (2.2.2)
      rake
    rake (12.3.1)
    sass (3.4.25)
    scss-lint (0.38.0)
      rainbow (~> 2.0)
      sass (~> 3.4.1)

PLATFORMS
  ruby

DEPENDENCIES
  scss-lint

RUBY VERSION
   ruby 2.2.4p230

BUNDLED WITH
   1.16.3
