GEM
  remote: https://rubygems.org/
  specs:
    ffi (1.9.10)
    jekyll-watch (1.4.0)
      listen (~> 3.0, < 3.1)
    kramdown (1.11.1)
    listen (3.0.8)
      rb-fsevent (~> 0.9, >= 0.9.4)
      rb-inotify (~> 0.9, >= 0.9.7)
    rainbow (2.1.0)
    rb-fsevent (0.9.7)
    rb-inotify (0.9.7)
      ffi (>= 0.5.0)
    sass (3.4.22)
    scss-lint (0.38.0)
      rainbow (~> 2.0)
      sass (~> 3.4.1)

PLATFORMS
  ruby

DEPENDENCIES
  jekyll-watch
  kramdown
  scss-lint

RUBY VERSION
   ruby 2.2.4p230

BUNDLED WITH
   1.12.4
